GEM
  remote: https://rubygems.org/
  specs:
    CFPropertyList (2.2.8)
    facter (2.4.6)
      CFPropertyList (~> 2.2.6)
    hiera (3.2.0)
      json_pure
    json_pure (1.8.3)
    puppet (4.5.0)
      CFPropertyList (~> 2.2.6)
      facter (> 2.0, < 4)
      hiera (>= 2.0, < 4)
      json_pure
    rake (10.5.0)

PLATFORMS
  ruby

DEPENDENCIES
  puppet (>= 4.5.0)
  rake (>= 10.1.0)

BUNDLED WITH
   1.11.2
